GIT
  remote: https://github.com/rwx-research/rspec-snapshot.git
  revision: 77b3098b46190a291b32b52686d07c96cced18d5
  specs:
    rspec-snapshot (2.0.1)
      awesome_print (> 1.0.0)
      rspec (> 3.0.0)

PATH
  remote: .
  specs:
    rspec-abq (1.0.6)
      rspec-core (>= 3.5.0, < 3.13.0)

GEM
  remote: https://rubygems.org/
  specs:
    addressable (2.8.1)
      public_suffix (>= 2.0.2, < 6.0)
    ast (2.4.2)
    awesome_print (1.9.2)
    capybara (3.36.0)
      addressable
      matrix
      mini_mime (>= 0.1.3)
      nokogiri (~> 1.8)
      rack (>= 1.6.0)
      rack-test (>= 0.6.3)
      regexp_parser (>= 1.5, < 3.0)
      xpath (~> 3.2)
    capybara-inline-screenshot (2.2.1)
      capybara-screenshot
    capybara-screenshot (1.0.26)
      capybara (>= 1.0, < 4)
      launchy
    childprocess (4.1.0)
    coderay (1.1.3)
    diff-lcs (1.5.0)
    docile (1.4.0)
    gem-release (2.2.2)
    json (2.6.3)
    language_server-protocol (3.17.0.2)
    launchy (2.5.2)
      addressable (~> 2.8)
    matrix (0.4.2)
    method_source (1.0.0)
    mini_mime (1.1.2)
    nio4r (2.5.8)
    nokogiri (1.13.10-arm64-darwin)
      racc (~> 1.4)
    nokogiri (1.13.10-x86_64-darwin)
      racc (~> 1.4)
    nokogiri (1.13.10-x86_64-linux)
      racc (~> 1.4)
    parallel (1.22.1)
    parser (3.2.0.0)
      ast (~> 2.4.1)
    prettier_print (1.2.0)
    pry (0.14.2)
      coderay (~> 1.1)
      method_source (~> 1.0)
    public_suffix (5.0.1)
    puma (5.6.5)
      nio4r (~> 2.0)
    racc (1.6.2)
    rack (2.2.6.2)
    rack-test (2.0.2)
      rack (>= 1.3)
    rainbow (3.1.1)
    rake (13.0.6)
    regexp_parser (2.6.2)
    rexml (3.2.5)
    rspec (3.12.0)
      rspec-core (~> 3.12.0)
      rspec-expectations (~> 3.12.0)
      rspec-mocks (~> 3.12.0)
    rspec-core (3.12.0)
      rspec-support (~> 3.12.0)
    rspec-expectations (3.12.2)
      diff-lcs (>= 1.2.0, < 2.0)
      rspec-support (~> 3.12.0)
    rspec-mocks (3.12.3)
      diff-lcs (>= 1.2.0, < 2.0)
      rspec-support (~> 3.12.0)
    rspec-retry (0.6.2)
      rspec-core (> 3.3)
    rspec-support (3.12.0)
    rubocop (1.42.0)
      json (~> 2.3)
      parallel (~> 1.10)
      parser (>= 3.1.2.1)
      rainbow (>= 2.2.2, < 4.0)
      regexp_parser (>= 1.8, < 3.0)
      rexml (>= 3.2.5, < 4.0)
      rubocop-ast (>= 1.24.1, < 2.0)
      ruby-progressbar (~> 1.7)
      unicode-display_width (>= 1.4.0, < 3.0)
    rubocop-ast (1.24.1)
      parser (>= 3.1.1.0)
    rubocop-capybara (2.17.0)
      rubocop (~> 1.41)
    rubocop-performance (1.15.2)
      rubocop (>= 1.7.0, < 2.0)
      rubocop-ast (>= 0.4.0)
    rubocop-rake (0.6.0)
      rubocop (~> 1.0)
    rubocop-rspec (2.18.1)
      rubocop (~> 1.33)
      rubocop-capybara (~> 2.17)
    ruby-lsp (0.3.8)
      language_server-protocol (~> 3.17.0)
      sorbet-runtime
      syntax_tree (>= 5.0.0, < 6)
    ruby-progressbar (1.11.0)
    rubyzip (2.3.2)
    selenium-webdriver (4.1.0)
      childprocess (>= 0.5, < 5.0)
      rexml (~> 3.2, >= 3.2.5)
      rubyzip (>= 1.2.2)
    simplecov (0.22.0)
      docile (~> 1.1)
      simplecov-html (~> 0.11)
      simplecov_json_formatter (~> 0.1)
    simplecov-html (0.12.3)
    simplecov_json_formatter (0.1.4)
    sorbet-runtime (0.5.10634)
    standard (1.22.1)
      language_server-protocol (~> 3.17.0.2)
      rubocop (= 1.42.0)
      rubocop-performance (= 1.15.2)
    syntax_tree (5.3.0)
      prettier_print (>= 1.2.0)
    unicode-display_width (2.4.2)
    webdrivers (5.2.0)
      nokogiri (~> 1.6)
      rubyzip (>= 1.3.0)
      selenium-webdriver (~> 4.0)
    webrick (1.7.0)
    xpath (3.2.0)
      nokogiri (~> 1.8)
    yard (0.9.28)
      webrick (~> 1.7.0)

PLATFORMS
  arm64-darwin-21
  x86_64-darwin-21
  x86_64-linux

DEPENDENCIES
  capybara (= 3.36.0)
  capybara-inline-screenshot (~> 2.2.1)
  gem-release
  nokogiri (~> 1.13.10)
  pry (~> 0.14.1)
  puma (~> 5.6.5)
  rack (~> 2.2.5)
  rake (~> 13.0)
  rspec (~> 3.12)
  rspec-abq!
  rspec-retry (~> 0.6.2)
  rspec-snapshot!
  rubocop
  rubocop-performance
  rubocop-rake
  rubocop-rspec
  ruby-lsp
  selenium-webdriver (= 4.1.0)
  simplecov (~> 0.22.0)
  simplecov-html (~> 0.12.3)
  standard (>= 1.20.0)
  webdrivers (~> 5.2.0)
  yard

BUNDLED WITH
   2.3.7
